GIT
  remote: git://github.com/bbtfr/spree_essentials.git
  revision: e930a71a3c5046b52498b82e8f7a1211f7644241
  branch: 1.3.x
  specs:
    spree_essentials (0.7.0)
      rdiscount (~> 1.6.8)
      spree_core (~> 1.3.0)

GIT
  remote: git://github.com/fameandpartners/better_spree_paypal_express.git
  revision: 478b27281f7ed806df5ae86a41f9890595f8d242
  branch: 1-3-stable
  specs:
    spree_paypal_express (2.0.3)
      paypal-sdk-merchant (= 1.103.0)
      spree_core (~> 1.3.3)

GIT
  remote: git://github.com/jumph4x/canonical-rails.git
  revision: 03adacb2db44f1ae1c3ebe22edd910ddc19e0fbb
  specs:
    canonical-rails (0.0.9)
      rails (>= 3.1, < 5.0)

GIT
  remote: git://github.com/spree/spree.git
  revision: 7d19c8933042cec667634c8cffedcbe6084abf1d
  branch: 1-3-stable
  specs:
    spree (1.3.6.beta)
      spree_api (= 1.3.6.beta)
      spree_cmd (= 1.3.6.beta)
      spree_core (= 1.3.6.beta)
      spree_promo (= 1.3.6.beta)
      spree_sample (= 1.3.6.beta)
    spree_api (1.3.6.beta)
      spree_core (= 1.3.6.beta)
      versioncake (= 0.4.0)
    spree_cmd (1.3.6.beta)
      thor (>= 0.14.6)
    spree_core (1.3.6.beta)
      activemerchant (~> 1.34)
      acts_as_list (= 0.1.4)
      awesome_nested_set (= 2.1.5)
      aws-sdk (~> 1.11.1)
      cancan (= 1.6.8)
      deface (>= 0.9.0)
      ffaker (~> 1.15.0)
      highline (= 1.6.18)
      jquery-rails (~> 2.2.0)
      json (>= 1.5.5)
      kaminari (= 0.14.1)
      money (= 5.1.1)
      paperclip (~> 2.8)
      rabl (= 0.7.2)
      rails (~> 3.2.16)
      ransack (= 0.7.2)
      select2-rails (= 3.2.1)
      state_machine (= 1.1.2)
      stringex (~> 1.3.2)
      truncate_html (~> 0.5.5)
    spree_promo (1.3.6.beta)
      spree_core (= 1.3.6.beta)
    spree_sample (1.3.6.beta)
      spree_core (= 1.3.6.beta)

GIT
  remote: git://github.com/spree/spree_auth_devise.git
  revision: c4466de3748618971dc401e6e30c0d87f2b9c143
  ref: c4466de3748618971dc401e6e30c0d87f2b9c143
  branch: 1-3-stable
  specs:
    spree_auth_devise (1.0.0)
      cancan (~> 1.6.7)
      devise (~> 2.2.3)
      devise-encryptable (= 0.1.2)
      spree_core

GIT
  remote: git://github.com/spree/spree_gateway.git
  revision: 1e07f8e5835c5772d5e5db6d5e81478af3e11987
  branch: 1-3-stable
  specs:
    spree_gateway (1.2.0.rc2)
      savon (~> 1.2)
      spree_core (~> 1.0)

GIT
  remote: git://github.com/spree/spree_social.git
  revision: e0b45b4dc9a9c1137233e33cc1323f425c76cfff
  branch: 1-3-stable
  specs:
    spree_social (2.3.0)
      oa-core
      omniauth
      omniauth-facebook
      omniauth-github
      omniauth-google-oauth2
      omniauth-twitter
      spree_core (~> 1.3.0)

GIT
  remote: git@github.com:reinteractive/OpsCare.git
  revision: 8db40c0292e8e3aea0a434d796e152972ae745e3
  branch: master
  specs:
    ops_care (1.0.3)
      bugsnag
      okcomputer
      skylight

PATH
  remote: ./spree_masterpass
  specs:
    spree_masterpass (0.1.0)
      mastercard_api
      mastercard_masterpass_api
      mumboe-soap4r
      spree_core (~> 1.3.6.beta)

PATH
  remote: engines
  specs:
    admin_ui (0.0.1)
      active_link_to
      cancan
      chosen-rails (~> 1.5.1)
      datagrid (~> 1.4.0)
      font-awesome-rails (~> 4.3.0.0)
      kaminari (~> 0.14.1)
      manual_order
      money
      rails (~> 3.2.21)
      reform
      sidekiq
      simple_form
      slim
    afterpay (0.0.1)
      afterpay-sdk-merchant
      rails
      spree
    afterpay-sdk-core (0.0.1)
      faraday
    afterpay-sdk-merchant (0.0.1)
      afterpay-sdk-core (~> 0.0.1)
    bergen (0.0.1)
      aasm (~> 4.10.0)
      admin_ui
      money (~> 5.1.1)
      rails
      savon (~> 1.2.0)
      sentry-raven
      shippo (~> 1.0.4)
      sidekiq
    fame_favicon (0.0.1)
      rails
    iequalchange (0.0.1)
      rails
      spree
    inspinia-rails (2.1.0)
      font-awesome-rails (~> 4.3.0.0)
      rails
    mailchimp_client (0.0.1)
      gibbon (~> 2.2.4)
      sidekiq
    manual_order (0.0.1)
      chosen-rails (~> 1.5.1)
      datagrid (~> 1.4.0)
      kaminari
      rails (~> 3.2.22)
      reform
      simple_form
      slim
    next_logistics (0.0.1)
      aasm (~> 4.10.0)
      rails
      sidekiq
    revolution (0.0.1)
      awesome_nested_set
      rails (~> 3.2.21)
    wedding-atelier (0.0.1)
      bootstrap-sass (~> 3.3.4.1)
      kaminari
      rails (~> 3.2.22.5)
      react-rails
      rolify
      slim

GEM
  remote: https://rubygems.org/
  specs:
    CFPropertyList (2.3.1)
    aasm (4.10.1)
    actionmailer (3.2.22.5)
      actionpack (= 3.2.22.5)
      mail (~> 2.5.4)
    actionpack (3.2.22.5)
      activemodel (= 3.2.22.5)
      activesupport (= 3.2.22.5)
      builder (~> 3.0.0)
      erubis (~> 2.7.0)
      journey (~> 1.0.4)
      rack (~> 1.4.5)
      rack-cache (~> 1.2)
      rack-test (~> 0.6.1)
      sprockets (~> 2.2.1)
    active_link_to (1.0.3)
      actionpack
    active_model_serializers (0.9.3)
      activemodel (>= 3.2)
    activemerchant (1.49.0)
      activesupport (>= 3.2.14, < 5.0.0)
      builder (>= 2.1.2, < 4.0.0)
      i18n (>= 0.6.9)
      nokogiri (~> 1.4)
    activemodel (3.2.22.5)
      activesupport (= 3.2.22.5)
      builder (~> 3.0.0)
    activerecord (3.2.22.5)
      activemodel (= 3.2.22.5)
      activesupport (= 3.2.22.5)
      arel (~> 3.0.2)
      tzinfo (~> 0.3.29)
    activerecord-immutable (0.0.3)
      activerecord (>= 3.2)
    activeresource (3.2.22.5)
      activemodel (= 3.2.22.5)
      activesupport (= 3.2.22.5)
    activesupport (3.2.22.5)
      i18n (~> 0.6, >= 0.6.4)
      multi_json (~> 1.0)
    acts_as_list (0.1.4)
    addressable (2.4.0)
    akami (1.2.2)
      gyoku (>= 0.4.0)
      nokogiri
    ansi (1.5.0)
    arel (3.0.3)
    asset_sync (1.1.0)
      activemodel
      fog (>= 1.8.0)
      unf
    autoparse (0.3.3)
      addressable (>= 2.3.1)
      extlib (>= 0.9.15)
      multi_json (>= 1.0.0)
    autoprefixer-rails (5.1.11)
      execjs
      json
    awesome_nested_set (2.1.5)
      activerecord (>= 3.0.0)
    awesome_print (1.6.1)
    aws-sdk (1.11.2)
      json (~> 1.4)
      nokogiri (< 1.6.0)
      uuidtools (~> 2.1)
    babel-source (5.8.35)
    babel-transpiler (0.7.0)
      babel-source (>= 4.0, < 6)
      execjs (~> 2.0)
    bcrypt (3.1.10)
    bcrypt-ruby (3.1.5)
      bcrypt (>= 3.1.3)
    better_errors (2.1.1)
      coderay (>= 1.0.0)
      erubis (>= 2.6.6)
      rack (>= 0.9.0)
    binding_of_caller (0.7.2)
      debug_inspector (>= 0.0.1)
    bootstrap-sass (3.3.4.1)
      autoprefixer-rails (>= 5.0.0.1)
      sass (>= 3.2.19)
    bugsnag (5.0.1)
    builder (3.0.4)
    bullet (5.3.0)
      activesupport (>= 3.0.0)
      uniform_notifier (~> 1.10.0)
    business_time (0.7.4)
      activesupport (>= 3.1.0)
      tzinfo
    cancan (1.6.8)
    capybara (2.5.0)
      mime-types (>= 1.16)
      nokogiri (>= 1.3.3)
      rack (>= 1.0.0)
      rack-test (>= 0.5.4)
      xpath (~> 2.0)
    capybara-screenshot (1.0.11)
      capybara (>= 1.0, < 3)
      launchy
    childprocess (0.5.9)
      ffi (~> 1.0, >= 1.0.11)
    chosen-rails (1.5.2)
      coffee-rails (>= 3.2)
      railties (>= 3.0)
      sass-rails (>= 3.2)
    chronic (0.10.2)
    climate_control (0.0.3)
      activesupport (>= 3.0)
    cliver (0.3.2)
    cocaine (0.5.7)
      climate_control (>= 0.0.3, < 1.0)
    coderay (1.1.0)
    coercible (1.0.0)
      descendants_tracker (~> 0.0.1)
    coffee-rails (3.2.2)
      coffee-script (>= 2.2.0)
      railties (~> 3.2.0)
    coffee-script (2.4.1)
      coffee-script-source
      execjs
    coffee-script-source (1.8.0)
    concurrent-ruby (1.0.2)
    configatron (4.5.0)
    connection_pool (2.2.0)
    crack (0.4.2)
      safe_yaml (~> 1.0.0)
    customerio (1.0.0)
      multi_json (~> 1.0)
    dalli (2.7.6)
    database_cleaner (1.5.3)
    datagrid (1.4.4)
      rails (>= 3.2.22.2)
    debug_inspector (0.0.2)
    deface (0.9.1)
      nokogiri (~> 1.5.0)
      rails (~> 3.1)
    default_value_for (3.0.1)
      activerecord (>= 3.2.0, < 5.0)
    descendants_tracker (0.0.4)
      thread_safe (~> 0.3, >= 0.3.1)
    device_detector (0.8.1)
    devise (2.2.8)
      bcrypt-ruby (~> 3.0)
      orm_adapter (~> 0.1)
      railties (~> 3.1)
      warden (~> 1.2.1)
    devise-encryptable (0.1.2)
      devise (>= 2.1.0)
    diff-lcs (1.2.5)
    disposable (0.1.15)
      representable (>= 2.2.3, < 2.4.0)
      uber
    domain_name (0.5.24)
      unf (>= 0.0.5, < 1.0.0)
    eco (1.0.0)
      coffee-script
      eco-source
      execjs
    eco-source (1.1.0.rc.1)
    erubis (2.7.0)
    event_sourced_record (0.2.2)
      activemodel
      activerecord-immutable (~> 0.0.3)
    excon (0.45.3)
    execjs (2.6.0)
    extlib (0.9.16)
    factory_girl (4.2.0)
      activesupport (>= 3.0.0)
    factory_girl_rails (4.2.1)
      factory_girl (~> 4.2.0)
      railties (>= 3.0.0)
    faraday (0.9.2)
      multipart-post (>= 1.2, < 3)
    ffaker (1.15.0)
    ffi (1.9.14)
    fission (0.5.0)
      CFPropertyList (~> 2.2)
    fog (1.29.0)
      fog-atmos
      fog-aws (~> 0.0)
      fog-brightbox (~> 0.4)
      fog-core (~> 1.27, >= 1.27.4)
      fog-ecloud
      fog-json
      fog-local
      fog-powerdns (>= 0.1.1)
      fog-profitbricks
      fog-radosgw (>= 0.0.2)
      fog-riakcs
      fog-sakuracloud (>= 0.0.4)
      fog-serverlove
      fog-softlayer
      fog-storm_on_demand
      fog-terremark
      fog-vmfusion
      fog-voxel
      fog-xml (~> 0.1.1)
      ipaddress (~> 0.5)
      nokogiri (~> 1.5, >= 1.5.11)
    fog-atmos (0.1.0)
      fog-core
      fog-xml
    fog-aws (0.1.2)
      fog-core (~> 1.27)
      fog-json (~> 1.0)
      fog-xml (~> 0.1)
      ipaddress (~> 0.8)
    fog-brightbox (0.7.1)
      fog-core (~> 1.22)
      fog-json
      inflecto (~> 0.0.2)
    fog-core (1.30.0)
      builder
      excon (~> 0.45)
      formatador (~> 0.2)
      mime-types
      net-scp (~> 1.1)
      net-ssh (>= 2.1.3)
    fog-ecloud (0.1.1)
      fog-core
      fog-xml
    fog-json (1.0.1)
      fog-core (~> 1.0)
      multi_json (~> 1.0)
    fog-local (0.2.1)
      fog-core (~> 1.27)
    fog-powerdns (0.1.1)
      fog-core (~> 1.27)
      fog-json (~> 1.0)
      fog-xml (~> 0.1)
    fog-profitbricks (0.0.2)
      fog-core
      fog-xml
      nokogiri
    fog-radosgw (0.0.4)
      fog-core (>= 1.21.0)
      fog-json
      fog-xml (>= 0.0.1)
    fog-riakcs (0.1.0)
      fog-core
      fog-json
      fog-xml
    fog-sakuracloud (1.0.1)
      fog-core
      fog-json
    fog-serverlove (0.1.2)
      fog-core
      fog-json
    fog-softlayer (0.4.5)
      fog-core
      fog-json
    fog-storm_on_demand (0.1.1)
      fog-core
      fog-json
    fog-terremark (0.1.0)
      fog-core
      fog-xml
    fog-vmfusion (0.1.0)
      fission
      fog-core
    fog-voxel (0.1.0)
      fog-core
      fog-xml
    fog-xml (0.1.2)
      fog-core
      nokogiri (~> 1.5, >= 1.5.11)
    font-awesome-rails (4.3.0.0)
      railties (>= 3.2, < 5.0)
    foreman (0.82.0)
      thor (~> 0.19.1)
    formatador (0.2.5)
    geoip (1.5.0)
    gherkin (2.12.2)
      multi_json (~> 1.3)
    gibbon (2.2.4)
      faraday (>= 0.9.1)
      multi_json (>= 1.11.0)
    google-api-client (0.7.1)
      addressable (>= 2.3.2)
      autoparse (>= 0.3.3)
      extlib (>= 0.9.15)
      faraday (>= 0.9.0)
      jwt (>= 0.1.5)
      launchy (>= 2.1.1)
      multi_json (>= 1.0.0)
      retriable (>= 1.4)
      signet (>= 0.5.0)
      uuidtools (>= 2.1.0)
    google_drive (1.0.0)
      google-api-client (>= 0.7.0)
      nokogiri (>= 1.4.4, != 1.5.2, != 1.5.1)
      oauth (>= 0.3.6)
      oauth2 (>= 0.5.0)
    gyoku (0.4.6)
      builder (>= 2.1.2)
    hashie (1.2.0)
    hashr (0.0.22)
    highline (1.6.18)
    hike (1.2.3)
    http-cookie (1.0.2)
      domain_name (~> 0.5)
    httpclient (2.6.0.1)
    httpi (1.1.1)
      rack
    i18n (0.6.11)
    inflecto (0.0.2)
    ipaddress (0.8.0)
    journey (1.0.4)
    jquery-fileupload-rails (0.4.1)
      actionpack (>= 3.1)
      railties (>= 3.1)
    jquery-rails (2.2.2)
      railties (>= 3.0, < 5.0)
      thor (>= 0.14, < 2.0)
    jquery-ui-rails (5.0.3)
      railties (>= 3.2.16)
    json (1.8.3)
    jwt (1.4.1)
    kaminari (0.14.1)
      actionpack (>= 3.0.0)
      activesupport (>= 3.0.0)
    kgio (2.9.3)
    koala (2.3.0)
      addressable
      faraday
      multi_json
    launchy (2.2.0)
      addressable (~> 2.3)
    letter_opener (1.4.1)
      launchy (~> 2.2)
    mail (2.5.4)
      mime-types (~> 1.16)
      treetop (~> 1.4.8)
    mailchimp-api (2.0.6)
      excon (>= 0.16.0)
      json (>= 1.7.7)
    mastercard_api (0.0.1)
    mastercard_masterpass_api (0.0.1)
    mime-types (1.25.1)
    money (5.1.1)
      i18n (~> 0.6.0)
    multi_json (1.12.1)
    multi_xml (0.5.5)
    multipart-post (2.0.0)
    mumboe-soap4r (1.5.8.7)
      httpclient (>= 2.1.1)
    net-scp (1.2.1)
      net-ssh (>= 2.6.5)
    net-ssh (2.7.0)
    netrc (0.10.3)
    newrelic_rpm (3.16.3.323)
    nokogiri (1.5.11)
    nori (1.1.5)
    oa-core (0.3.2)
    oauth (0.4.7)
    oauth2 (1.0.0)
      faraday (>= 0.8, < 0.10)
      jwt (~> 1.0)
      multi_json (~> 1.3)
      multi_xml (~> 0.5)
      rack (~> 1.2)
    okcomputer (1.13.0)
    omniauth (1.2.2)
      hashie (>= 1.2, < 4)
      rack (~> 1.0)
    omniauth-facebook (2.0.1)
      omniauth-oauth2 (~> 1.2)
    omniauth-github (1.1.2)
      omniauth (~> 1.0)
      omniauth-oauth2 (~> 1.1)
    omniauth-google-oauth2 (0.2.6)
      omniauth (> 1.0)
      omniauth-oauth2 (~> 1.1)
    omniauth-oauth (1.1.0)
      oauth
      omniauth (~> 1.0)
    omniauth-oauth2 (1.3.0)
      oauth2 (~> 1.0)
      omniauth (~> 1.2)
    omniauth-twitter (1.2.0)
      json (~> 1.3)
      omniauth-oauth (~> 1.1)
    orm_adapter (0.5.0)
    paperclip (2.8.0)
      activerecord (>= 2.3.0)
      activesupport (>= 2.3.2)
      cocaine (>= 0.0.2)
      mime-types
    paypal-sdk-core (0.2.10)
      multi_json (~> 1.0)
      xml-simple
    paypal-sdk-merchant (1.103.0)
      paypal-sdk-core (~> 0.2.3)
    pg (0.18.1)
    pin_payment (0.5.1)
    poltergeist (1.9.0)
      capybara (~> 2.1)
      cliver (~> 0.3.1)
      multi_json (~> 1.0)
      websocket-driver (>= 0.2.0)
    polyamorous (0.5.0)
      activerecord (~> 3.0)
    polyglot (0.3.5)
    power_assert (0.2.6)
    psych (2.0.13)
    puma (3.4.0)
    quiet_assets (1.1.0)
      railties (>= 3.1, < 5.0)
    rabl (0.7.2)
      activesupport (>= 2.3.14)
      multi_json (~> 1.0)
    rack (1.4.7)
    rack-cache (1.6.1)
      rack (>= 0.4)
    rack-cors (0.4.0)
    rack-protection (1.5.3)
      rack
    rack-ssl (1.3.4)
      rack
    rack-test (0.6.3)
      rack (>= 1.0)
    rails (3.2.22.5)
      actionmailer (= 3.2.22.5)
      actionpack (= 3.2.22.5)
      activerecord (= 3.2.22.5)
      activeresource (= 3.2.22.5)
      activesupport (= 3.2.22.5)
      bundler (~> 1.0)
      railties (= 3.2.22.5)
    railties (3.2.22.5)
      actionpack (= 3.2.22.5)
      activesupport (= 3.2.22.5)
      rack-ssl (~> 1.3.2)
      rake (>= 0.8.7)
      rdoc (~> 3.4)
      thor (>= 0.14.6, < 2.0)
    raindrops (0.13.0)
    rake (11.3.0)
    ransack (0.7.2)
      actionpack (~> 3.0)
      activerecord (~> 3.0)
      polyamorous (~> 0.5.0)
    rdiscount (1.6.8)
    rdoc (3.12.2)
      json (~> 1.4)
    react-rails (1.6.2)
      babel-transpiler (>= 0.7.0)
      coffee-script-source (~> 1.8)
      connection_pool
      execjs
      rails (>= 3.2)
      tilt
    redcarpet (2.3.0)
    redis (3.3.1)
    reform (2.0.5)
      disposable (~> 0.1.11)
      uber (~> 0.0.11)
    representable (2.3.0)
      uber (~> 0.0.7)
    rest-client (1.8.0)
      http-cookie (>= 1.0.2, < 2.0)
      mime-types (>= 1.16, < 3.0)
      netrc (~> 0.7)
    retriable (2.0.2)
    rmagick (2.15.4)
    rolify (5.1.0)
    rollout (2.1.0)
    roo (1.13.2)
      nokogiri
      rubyzip
      spreadsheet (> 0.6.4)
    rspec (3.2.0)
      rspec-core (~> 3.2.0)
      rspec-expectations (~> 3.2.0)
      rspec-mocks (~> 3.2.0)
    rspec-activemodel-mocks (1.0.1)
      activemodel (>= 3.0)
      activesupport (>= 3.0)
      rspec-mocks (>= 2.99, < 4.0)
    rspec-collection_matchers (1.1.2)
      rspec-expectations (>= 2.99.0.beta1)
    rspec-core (3.2.3)
      rspec-support (~> 3.2.0)
    rspec-expectations (3.2.1)
      diff-lcs (>= 1.2.0, < 2.0)
      rspec-support (~> 3.2.0)
    rspec-mocks (3.2.1)
      diff-lcs (>= 1.2.0, < 2.0)
      rspec-support (~> 3.2.0)
    rspec-rails (3.2.1)
      actionpack (>= 3.0, < 4.3)
      activesupport (>= 3.0, < 4.3)
      railties (>= 3.0, < 4.3)
      rspec-core (~> 3.2.0)
      rspec-expectations (~> 3.2.0)
      rspec-mocks (~> 3.2.0)
      rspec-support (~> 3.2.0)
    rspec-retry (0.4.5)
      rspec-core
    rspec-support (3.2.2)
    rspec_junit_formatter (0.2.2)
      builder (< 4)
      rspec-core (>= 2, < 4, != 2.12.0)
    ruby-ole (1.2.11.8)
    ruby-progressbar (1.7.5)
    rubyzip (1.1.7)
    safe_yaml (1.0.4)
    sass (3.4.13)
    sass-rails (3.2.6)
      railties (~> 3.2.0)
      sass (>= 3.1.10)
      tilt (~> 1.3)
    savon (1.2.0)
      akami (~> 1.2.0)
      builder (>= 2.1.2)
      gyoku (~> 0.4.5)
      httpi (~> 1.1.0)
      nokogiri (>= 1.4.0)
      nori (~> 1.1.0)
      wasabi (~> 2.5.0)
    select2-rails (3.2.1)
      thor (~> 0.14)
    selenium-webdriver (2.53.4)
      childprocess (~> 0.5)
      rubyzip (~> 1.0)
      websocket (~> 1.0)
    sentry-raven (2.0.2)
      faraday (>= 0.7.6, < 0.10.x)
    shippo (1.0.4)
      json (~> 1.8.1)
      mime-types (>= 1.25, < 3.0)
      rest-client (~> 1.4)
    shoulda-matchers (2.8.0)
      activesupport (>= 3.0.0)
    show_me_the_cookies (3.1.0)
      capybara (~> 2.0)
    sidekiq (4.2.2)
      concurrent-ruby (~> 1.0)
      connection_pool (~> 2.2, >= 2.2.0)
      rack-protection (~> 1.5)
      redis (~> 3.2, >= 3.2.1)
    signet (0.6.0)
      addressable (~> 2.3)
      extlib (~> 0.9)
      faraday (~> 0.9)
      jwt (~> 1.0)
      multi_json (~> 1.10)
    simple_form (2.1.3)
      actionpack (~> 3.0)
      activemodel (~> 3.0)
    sitemap_generator (5.0.5)
      builder
    skylight (1.0.0)
      activesupport (>= 3.0.0)
    slim (3.0.3)
      temple (~> 0.7.3)
      tilt (>= 1.3.3, < 2.1)
    slim-rails (3.0.1)
      actionmailer (>= 3.1, < 5.0)
      actionpack (>= 3.1, < 5.0)
      activesupport (>= 3.1, < 5.0)
      railties (>= 3.1, < 5.0)
      slim (~> 3.0)
    spreadsheet (1.0.3)
      ruby-ole (>= 1.0)
    spree_banner (1.3.0)
      aws-sdk
      paperclip
      spree_core (>= 1.3.0)
    sprockets (2.2.3)
      hike (~> 1.2)
      multi_json (~> 1.0)
      rack (~> 1.0)
      tilt (~> 1.1, != 1.3.0)
    state_machine (1.1.2)
    stringex (1.3.3)
    temple (0.7.5)
    term-ansicolor (1.3.0)
      tins (~> 1.0)
    test-unit (3.1.5)
      power_assert
    thor (0.19.1)
    thread_safe (0.3.5)
    tilt (1.4.1)
    timecop (0.8.0)
    tins (1.5.1)
    tire (0.6.2)
      activemodel (>= 3.0)
      activesupport
      ansi
      hashr (~> 0.0.19)
      multi_json (~> 1.3)
      rake
      rest-client (~> 1.6)
    treetop (1.4.15)
      polyglot
      polyglot (>= 0.3.1)
    truncate_html (0.5.5)
    turnip (1.3.1)
      gherkin (>= 2.5)
      rspec (>= 2.14.0, < 4.0)
    tzinfo (0.3.52)
    uber (0.0.15)
    uglifier (1.3.0)
      execjs (>= 0.3.0)
      multi_json (~> 1.0, >= 1.0.2)
    unf (0.1.4)
      unf_ext
    unf_ext (0.0.7.1)
    unicorn (4.9.0)
      kgio (~> 2.6)
      rack
      raindrops (~> 0.7)
    uniform_notifier (1.10.0)
    uuidtools (2.1.5)
    vcr (2.9.3)
    versioncake (0.4.0)
      actionpack (>= 3.0)
      activesupport (>= 3.0)
      railties (>= 3.0)
    warden (1.2.3)
      rack (>= 1.0)
    wasabi (2.5.1)
      httpi (~> 1.0)
      nokogiri (>= 1.4.0)
    webmock (1.21.0)
      addressable (>= 2.3.6)
      crack (>= 0.3.2)
    websocket (1.2.3)
    websocket-driver (0.6.3)
      websocket-extensions (>= 0.1.0)
    websocket-extensions (0.1.2)
    whenever (0.9.4)
      chronic (>= 0.6.3)
    xml-simple (1.1.5)
    xpath (2.0.0)
      nokogiri (~> 1.3)

PLATFORMS
  ruby

DEPENDENCIES
  active_link_to
  active_model_serializers
  addressable
  admin_ui!
  afterpay!
  asset_sync (~> 1.1.0)
  autoprefixer-rails
  awesome_print
  aws-sdk
  bergen!
  better_errors
  binding_of_caller
  bullet
  business_time
  canonical-rails!
  capybara (~> 2.5.0)
  capybara-screenshot (~> 1.0.11)
  coercible
  coffee-rails (~> 3.2.1)
  coffee-script-source (~> 1.8.0)
  configatron
  customerio (~> 1.0.0)
  dalli
  database_cleaner
  default_value_for
  device_detector (~> 0.8.1)
  eco
  event_sourced_record
  execjs (~> 2)
  factory_girl_rails (= 4.2.1)
  fame_favicon!
  fog
  foreman
  geoip
  google_drive (= 1.0.0)
  iequalchange!
  inspinia-rails!
  ipaddress
  jquery-fileupload-rails (= 0.4.1)
  jquery-rails
  jquery-ui-rails
  koala
  letter_opener (~> 1.4.1)
  mailchimp-api
  mailchimp_client!
  manual_order!
  newrelic_rpm
  next_logistics!
  ops_care!
  paperclip
  pg
  pin_payment
  poltergeist (~> 1.9.0)
  psych (~> 2.0.13)
  puma
  quiet_assets
  rack-cors
  rails (~> 3.2.22.5)
  react-rails (~> 1.6)
  redcarpet (~> 2.3.0)
  reform (~> 2.0.5)
  revolution!
  rmagick
  rollout
  roo
  rspec-activemodel-mocks
  rspec-collection_matchers
  rspec-rails (~> 3.2)
  rspec-retry
  rspec_junit_formatter (= 0.2.2)
  ruby-progressbar
  rubyzip (~> 1.1.7)
  sass-rails (~> 3.2.3)
  selenium-webdriver (~> 2.53.4)
  sentry-raven
  shoulda-matchers
  show_me_the_cookies (~> 3.1.0)
  sidekiq (= 4.2.2)
  simple_form
  sitemap_generator
  slim
  slim-rails
  spree!
  spree_auth_devise!
  spree_banner (~> 1.3.0)
  spree_essentials!
  spree_gateway!
  spree_masterpass!
  spree_paypal_express!
  spree_social!
  term-ansicolor
  test-unit
  timecop
  tire
  turnip (~> 1.3.1)
  uglifier (= 1.3.0)
  unicorn
  vcr (~> 2.9.3)
  webmock (~> 1.21.0)
  wedding-atelier!
  whenever

RUBY VERSION
   ruby 2.3.3p222

BUNDLED WITH
   1.13.6
