PATH
  remote: .
  specs:
    mailchimp_client (0.0.1)
      gibbon (~> 2.2.4)
      sidekiq

GEM
  remote: https://rubygems.org/
  specs:
    actionpack (3.2.22.4)
      activemodel (= 3.2.22.4)
      activesupport (= 3.2.22.4)
      builder (~> 3.0.0)
      erubis (~> 2.7.0)
      journey (~> 1.0.4)
      rack (~> 1.4.5)
      rack-cache (~> 1.2)
      rack-test (~> 0.6.1)
      sprockets (~> 2.2.1)
    activemodel (3.2.22.4)
      activesupport (= 3.2.22.4)
      builder (~> 3.0.0)
    activesupport (3.2.22.4)
      i18n (~> 0.6, >= 0.6.4)
      multi_json (~> 1.0)
    builder (3.0.4)
    concurrent-ruby (1.0.2)
    connection_pool (2.2.0)
    erubis (2.7.0)
    faraday (0.9.1)
      multipart-post (>= 1.2, < 3)
    gibbon (2.2.4)
      faraday (>= 0.9.1)
      multi_json (>= 1.11.0)
    hike (1.2.3)
    i18n (0.7.0)
    journey (1.0.4)
    jquery-rails (3.1.2)
      railties (>= 3.0, < 5.0)
      thor (>= 0.14, < 2.0)
    json (1.8.3)
    multi_json (1.12.1)
    multipart-post (2.0.0)
    rack (1.4.7)
    rack-cache (1.6.1)
      rack (>= 0.4)
    rack-ssl (1.3.4)
      rack
    rack-test (0.6.3)
      rack (>= 1.0)
    railties (3.2.22.4)
      actionpack (= 3.2.22.4)
      activesupport (= 3.2.22.4)
      rack-ssl (~> 1.3.2)
      rake (>= 0.8.7)
      rdoc (~> 3.4)
      thor (>= 0.14.6, < 2.0)
    rake (11.2.2)
    rdoc (3.12.2)
      json (~> 1.4)
    redis (3.3.1)
    sidekiq (4.1.2)
      concurrent-ruby (~> 1.0)
      connection_pool (~> 2.2, >= 2.2.0)
      redis (~> 3.2, >= 3.2.1)
    sprockets (2.2.3)
      hike (~> 1.2)
      multi_json (~> 1.0)
      rack (~> 1.0)
      tilt (~> 1.1, != 1.3.0)
    sqlite3 (1.3.11)
    thor (0.19.1)
    tilt (1.4.1)

PLATFORMS
  ruby

DEPENDENCIES
  jquery-rails
  mailchimp_client!
  sqlite3

BUNDLED WITH
   1.12.5
